PATH
  remote: .
  specs:
    setebos (0.1.0.pre.alpha)

GEM
  remote: https://rubygems.org/
  specs:
    activesupport (4.0.4)
      i18n (~> 0.6, >= 0.6.9)
      minitest (~> 4.2)
      multi_json (~> 1.3)
      thread_safe (~> 0.1)
      tzinfo (~> 0.3.37)
    ansi (1.4.3)
    colorize (0.7.1)
    i18n (0.6.9)
    minitest (4.7.5)
    minitest-ansi (0.1.3)
      ansi (~> 1.3)
      minitest (>= 2.5, < 5.0)
    multi_json (1.9.2)
    net-scp (1.1.2)
      net-ssh (>= 2.6.5)
    net-ssh (2.8.0)
    rake (10.2.2)
    thread_safe (0.3.3)
    tzinfo (0.3.39)

PLATFORMS
  ruby

DEPENDENCIES
  activesupport
  bundler (~> 1.6)
  colorize
  minitest-ansi
  net-scp (~> 1.1)
  net-ssh (~> 2.8)
  rake
  setebos!
