PATH
  remote: .
  specs:
    setebos (0.0.1)

GEM
  remote: https://rubygems.org/
  specs:
    colorize (0.7.1)
    net-scp (1.1.2)
      net-ssh (>= 2.6.5)
    net-ssh (2.8.0)
    rake (10.2.2)

PLATFORMS
  ruby

DEPENDENCIES
  bundler (~> 1.6)
  colorize
  net-scp (~> 1.1)
  net-ssh (~> 2.8)
  rake
  setebos!
